GEM
  remote: http://rubygems.org/
  specs:
    columnize (0.3.2)
    fusefs-osx (0.7.0)
    httparty (0.10.0)
      multi_json (~> 1.0)
      multi_xml
    linecache (0.43)
    multi_json (1.15.0)
    multi_xml (0.6.0)
    ruby-debug (0.10.4)
      columnize (>= 0.1)
      ruby-debug-base (~> 0.10.4.0)
    ruby-debug-base (0.10.4)
      linecache (>= 0.3)

PLATFORMS
  ruby

DEPENDENCIES
  fusefs-osx
  httparty
  ruby-debug
